PATH
  remote: .
  specs:
    LookInside (0.5.0)

GEM
  remote: https://rubygems.org/
  specs:

PLATFORMS
  ruby

DEPENDENCIES
  LookInside!
